PATH
  remote: .
  specs:
    luminol (1.0)

GEM
  remote: https://rubygems.org/
  specs:
    ast (2.4.2)
    atk (3.5.1)
      glib2 (= 3.5.1)
    cairo (1.17.5)
      native-package-installer (>= 1.0.3)
      pkg-config (>= 1.2.2)
      red-colors
    cairo-gobject (3.5.1)
      cairo (>= 1.16.2)
      glib2 (= 3.5.1)
    ffi (1.12.2)
    fiddle (1.1.0)
    gdk3 (3.5.1)
      cairo-gobject (= 3.5.1)
      gdk_pixbuf2 (= 3.5.1)
      pango (= 3.5.1)
    gdk_pixbuf2 (3.5.1)
      gio2 (= 3.5.1)
    gio2 (3.5.1)
      fiddle
      gobject-introspection (= 3.5.1)
    glib2 (3.5.1)
      native-package-installer (>= 1.0.3)
      pkg-config (>= 1.3.5)
    gobject-introspection (3.5.1)
      glib2 (= 3.5.1)
    gtk3 (3.5.1)
      atk (= 3.5.1)
      gdk3 (= 3.5.1)
      gdk_pixbuf2 (= 3.5.1)
      gio2 (= 3.5.1)
      pango (= 3.5.1)
    json (2.6.2)
    matrix (0.4.2)
    native-package-installer (1.1.4)
    opengl-bindings2 (2.0.0)
    optparse (0.2.0)
    pango (3.5.1)
      cairo-gobject (= 3.5.1)
      gobject-introspection (= 3.5.1)
    parallel (1.22.1)
    parser (3.1.2.1)
      ast (~> 2.4.1)
    pkg-config (1.4.7)
    rainbow (3.1.1)
    rake (13.0.6)
    red-colors (0.3.0)
      matrix
    regexp_parser (2.5.0)
    rexml (3.2.5)
    rubocop (1.35.1)
      json (~> 2.3)
      parallel (~> 1.10)
      parser (>= 3.1.2.1)
      rainbow (>= 2.2.2, < 4.0)
      regexp_parser (>= 1.8, < 3.0)
      rexml (>= 3.2.5, < 4.0)
      rubocop-ast (>= 1.20.1, < 2.0)
      ruby-progressbar (~> 1.7)
      unicode-display_width (>= 1.4.0, < 3.0)
    rubocop-ast (1.21.0)
      parser (>= 3.1.1.0)
    ruby-progressbar (1.11.0)
    ruby-vips (2.1.4)
      ffi (~> 1.12)
    unicode-display_width (2.2.0)

PLATFORMS
  x64-mingw-ucrt
  x86_64-linux

DEPENDENCIES
  gtk3
  luminol!
  opengl-bindings2
  optparse
  rake
  rubocop
  ruby-vips

BUNDLED WITH
   2.3.14
